GEM
  remote: https://rubygems.org/
  specs:
    docopt (0.5.0)
    mini_portile2 (2.8.5)
    nokogiri (1.16.2)
      mini_portile2 (~> 2.8.2)
      racc (~> 1.4)
    racc (1.7.3)

PLATFORMS
  ruby

DEPENDENCIES
  docopt
  nokogiri (~> 1.16.2)

BUNDLED WITH
   1.16.1
