GEM
  remote: https://rubygems.org/
  specs:
    docopt (0.5.0)
    mini_portile2 (2.8.1)
    nokogiri (1.14.3)
      mini_portile2 (~> 2.8.0)
      racc (~> 1.4)
    racc (1.6.2)

PLATFORMS
  ruby

DEPENDENCIES
  docopt
  nokogiri (~> 1.14.3)

BUNDLED WITH
   1.16.1
